PATH
  remote: .
  specs:
    vm (0.1.0)

GEM
  remote: https://rubygems.org/
  specs:
    aasm (5.1.1)
      concurrent-ruby (~> 1.0)
    concurrent-ruby (1.1.8)
    minitest (5.14.4)
    minitest-power_assert (0.3.1)
      minitest
      power_assert (>= 1.1)
    power_assert (2.0.0)
    rake (12.3.3)

PLATFORMS
  ruby

DEPENDENCIES
  aasm
  minitest (~> 5.0)
  minitest-power_assert
  rake (~> 12.0)
  vm!

BUNDLED WITH
   2.1.4
